GEM
  remote: http://rubygems.org/
  specs:
    curb (0.8.1)
    json (1.6.7)

PLATFORMS
  ruby

DEPENDENCIES
  curb (~> 0.8.1)
  json (~> 1.6.5)
